GEM
  remote: http://rubygems.org/
  specs:
    haml (3.1.4)
    rack (1.4.0)
    rake (0.9.2.2)
    sass (3.1.12)
    shotgun (0.9)
      rack (>= 1.0)
    sinatra (1.2.7)
      rack (~> 1.1)
      tilt (>= 1.2.2, < 2.0)
    tilt (1.3.3)

PLATFORMS
  ruby

DEPENDENCIES
  haml (~> 3.1.4)
  rake (~> 0.9.2.2)
  sass (~> 3.1.12)
  shotgun (~> 0.9)
  sinatra (~> 1.2.3)
